GEM
  remote: http://rubygems.org/
  specs:
    actionmailer (2.3.5)
      actionpack (= 2.3.5)
    actionpack (2.3.5)
      activesupport (= 2.3.5)
      rack (~> 1.0.0)
    activerecord (2.3.5)
      activesupport (= 2.3.5)
    activeresource (2.3.5)
      activesupport (= 2.3.5)
    activesupport (2.3.5)
    acts-as-taggable-on (2.0.6)
    annotate (2.4.0)
    builder (3.0.0)
    calendar_date_select (1.16.1)
    googlecharts (1.6.0)
    haml (3.0.10)
    hoptoad_notifier (2.4.11)
      activesupport
      builder
    mysql (2.8.1)
    newrelic_rpm (3.1.1)
    rack (1.0.1)
    rails (2.3.5)
      actionmailer (= 2.3.5)
      actionpack (= 2.3.5)
      activerecord (= 2.3.5)
      activeresource (= 2.3.5)
      activesupport (= 2.3.5)
      rake (>= 0.8.3)
    rake (0.9.2)
    thoughtbot-shoulda (2.11.1)

PLATFORMS
  ruby

DEPENDENCIES
  acts-as-taggable-on (= 2.0.6)
  annotate
  calendar_date_select (= 1.16.1)
  googlecharts (= 1.6.0)
  haml (= 3.0.10)
  hoptoad_notifier
  mysql
  newrelic_rpm
  rails (= 2.3.5)
  thoughtbot-shoulda
